PATH
  remote: .
  specs:
    xls (0.1.1)
      commander (~> 4.1.3)
      ruby-progressbar (~> 1.0.2)
      spreadsheet (~> 0.7.6)
      unindentable (~> 0.1.0)

GEM
  remote: http://rubygems.org/
  specs:
    commander (4.1.3)
      highline (~> 1.6.11)
    highline (1.6.15)
    metaclass (0.0.1)
    minitest (3.5.0)
    mocha (0.12.8)
      metaclass (~> 0.0.1)
    rake (0.9.2.2)
    ruby-ole (1.2.11.6)
    ruby-progressbar (1.0.2)
    spreadsheet (0.7.7)
      ruby-ole (>= 1.0)
    unindentable (0.1.0)

PLATFORMS
  ruby

DEPENDENCIES
  minitest (~> 3.5.0)
  mocha (~> 0.12.5)
  rake (~> 0.9.2.2)
  xls!
